GEM
  remote: http://rubygems.org/
  specs:
    childprocess (4.1.0)
    diff-lcs (1.4.4)
    rexml (3.2.5)
    rspec (3.10.0)
      rspec-core (~> 3.10.0)
      rspec-expectations (~> 3.10.0)
      rspec-mocks (~> 3.10.0)
    rspec-core (3.10.1)
      rspec-support (~> 3.10.0)
    rspec-expectations (3.10.1)
      diff-lcs (>= 1.2.0, < 2.0)
      rspec-support (~> 3.10.0)
    rspec-mocks (3.10.2)
      diff-lcs (>= 1.2.0, < 2.0)
      rspec-support (~> 3.10.0)
    rspec-support (3.10.2)
    rubyzip (2.3.0)
    selenium-webdriver (4.0.0.beta4)
      childprocess (>= 0.5, < 5.0)
      rexml (~> 3.2)
      rubyzip (>= 1.2.2)

PLATFORMS
  x86_64-darwin-20

DEPENDENCIES
  rspec
  selenium-webdriver (~> 4.0.0.beta4, >= 4.0.0.beta4)

BUNDLED WITH
   2.2.20
